GEM
  remote: https://rubygems.org/
  specs:
    parslet (1.8.1)
    thor (0.20.0)
    vim-flavor (2.2.1)
      parslet (~> 1.7)
      thor (~> 0.19)

PLATFORMS
  ruby

DEPENDENCIES
  vim-flavor

BUNDLED WITH
   1.16.0
